GIT
  remote: git://github.com/mthssdrbrg/kafka-jars.git
  revision: fb358db5f28180360cebb6ff0d3e88a16c3768dd
  specs:
    kafka-jars (0.8.0.beta1-java)

GEM
  remote: https://rubygems.org/
  specs:
    diff-lcs (1.2.4)
    multi_json (1.7.9)
    rspec (2.14.1)
      rspec-core (~> 2.14.0)
      rspec-expectations (~> 2.14.0)
      rspec-mocks (~> 2.14.0)
    rspec-core (2.14.3)
    rspec-expectations (2.14.0)
      diff-lcs (>= 1.1.3, < 2.0)
    rspec-mocks (2.14.1)
    simplecov (0.7.1)
      multi_json (~> 1.0)
      simplecov-html (~> 0.7.1)
    simplecov-html (0.7.1)

PLATFORMS
  java

DEPENDENCIES
  kafka-jars!
  rspec
  simplecov
