GIT
  remote: git://github.com/mthssdrbrg/kafka-jars.git
  revision: 4a1096a208246a03db614d04c4a0f44a71ff78f3
  specs:
    kafka-jars (0.8.0.beta1-java)

GEM
  remote: https://rubygems.org/
  specs:
    diff-lcs (1.2.4)
    rspec (2.14.1)
      rspec-core (~> 2.14.0)
      rspec-expectations (~> 2.14.0)
      rspec-mocks (~> 2.14.0)
    rspec-core (2.14.3)
    rspec-expectations (2.14.0)
      diff-lcs (>= 1.1.3, < 2.0)
    rspec-mocks (2.14.1)

PLATFORMS
  java

DEPENDENCIES
  kafka-jars!
  rspec
